PATH
  remote: ../sass
  specs:
    sass (3.5.0.pre.rc.1)
      sass-listen (~> 3.0.7)

PATH
  remote: .
  specs:
    sass-spec (3.3.3)
      command_line_reporter (~> 3.0)
      diffy (~> 3.1)
      minitest (~> 5.8)
      ruby-terminfo (~> 0.1.1)

GEM
  remote: https://rubygems.org/
  specs:
    colored (1.2)
    command_line_reporter (3.3.6)
      colored (>= 1.2)
    diffy (3.1.0)
    ffi (1.9.18)
    minitest (5.10.1)
    rb-fsevent (0.9.8)
    rb-inotify (0.9.8)
      ffi (>= 0.5.0)
    ruby-terminfo (0.1.1)
    sass-listen (3.0.7)
      rb-fsevent (>= 0.9.3)
      rb-inotify (>= 0.9.7)

PLATFORMS
  ruby

DEPENDENCIES
  bundler (~> 1.7)
  sass!
  sass-spec!

BUNDLED WITH
   1.14.4
